PATH
  remote: .
  specs:
    choose (0.1.0)
      colorize

GEM
  remote: https://rubygems.org/
  specs:
    colorize (0.8.1)
    rake (10.5.0)

PLATFORMS
  ruby

DEPENDENCIES
  bundler (~> 1.16)
  choose!
  rake (~> 10.0)

BUNDLED WITH
   1.16.1
