PATH
  remote: .
  specs:
    choose (0.1.3)
      colorize (~> 0.8.1)

GEM
  remote: https://rubygems.org/
  specs:
    colorize (0.8.1)
    rake (13.0.6)

PLATFORMS
  ruby

DEPENDENCIES
  bundler (~> 2.1)
  choose!
  rake (~> 13.0)

BUNDLED WITH
   2.1.4
